GEM
  remote: http://rubygems.org/
  specs:
    diff-lcs (1.1.3)
    json (1.5.4)
    mocha (0.9.12)
    nokogiri (1.5.0)
    rack (1.3.2)
    rspec (2.6.0)
      rspec-core (~> 2.6.0)
      rspec-expectations (~> 2.6.0)
      rspec-mocks (~> 2.6.0)
    rspec-core (2.6.4)
    rspec-expectations (2.6.0)
      diff-lcs (~> 1.1.2)
    rspec-mocks (2.6.0)
    sinatra (1.2.6)
      rack (~> 1.1)
      tilt (>= 1.2.2, < 2.0)
    tilt (1.3.3)

PLATFORMS
  ruby

DEPENDENCIES
  json
  mocha
  nokogiri
  rspec
  sinatra
